GEM
  remote: https://rubygems.org/
  specs:
    activesupport (6.1.7.1)
      concurrent-ruby (~> 1.0, >= 1.0.2)
      i18n (>= 1.6, < 2)
      minitest (>= 5.1)
      tzinfo (~> 2.0)
      zeitwerk (~> 2.3)
    albino (1.3.3)
      posix-spawn (>= 0.3.6)
    classifier (1.3.5)
      fast-stemmer (~> 1.0.0)
      mathn
      rake
    concurrent-ruby (1.1.10)
    directory_watcher (1.5.1)
    fast-stemmer (1.0.2)
    i18n (1.12.0)
      concurrent-ruby (~> 1.0)
    jekyll (0.11.0)
      albino (>= 1.3.2)
      classifier (>= 1.3.1)
      directory_watcher (>= 1.1.1)
      kramdown (>= 0.13.2)
      liquid (>= 1.9.0)
      maruku (>= 0.5.9)
    kramdown (1.17.0)
    liquid (4.0.1)
    maruku (0.7.3)
    mathn (0.1.0)
    minimal-mistakes-jekyll (4.0.1)
    minitest (5.17.0)
    posix-spawn (0.3.15)
    rake (13.0.6)
    tzinfo (2.0.5)
      concurrent-ruby (~> 1.0)
    zeitwerk (2.6.6)

PLATFORMS
  ruby

DEPENDENCIES
  activesupport (>= 5.2.4.3)
  jekyll
  minimal-mistakes-jekyll

BUNDLED WITH
   2.0.1
